GEM
  remote: https://rubygems.org/
  specs:
    activemodel (4.2.4)
      activesupport (= 4.2.4)
      builder (~> 3.1)
    activesupport (4.2.4)
      i18n (~> 0.7)
      json (~> 1.7, >= 1.7.7)
      minitest (~> 5.1)
      thread_safe (~> 0.3, >= 0.3.4)
      tzinfo (~> 1.1)
    builder (3.2.2)
    facter (2.4.4-x64-mingw32)
      ffi (~> 1.9.5)
      win32-dir (~> 0.4.8)
      win32-security (~> 0.2.5)
    faraday (0.9.1)
      multipart-post (>= 1.2, < 3)
    ffi (1.9.10-x64-mingw32)
    her (0.6.8)
      activemodel (>= 3.0.0)
      activesupport (>= 3.0.0)
      faraday (~> 0.8)
      multi_json (~> 1.7)
    hiera (3.0.1-x64-mingw32)
      json_pure
      win32-dir (~> 0.4.8)
    i18n (0.7.0)
    json (1.8.3)
    json_pure (1.8.2)
    kitchen-puppet (1.0.32)
      test-kitchen (~> 1.4)
    kitchen-vagrant (0.18.0)
      test-kitchen (~> 1.4)
    librarian-puppet (2.2.1)
      librarianp (>= 0.6.3)
      puppet_forge (~> 1.0)
      rsync
    librarianp (0.6.3)
      thor (~> 0.15)
    minitar (0.5.4)
    minitest (5.8.0)
    mixlib-shellout (2.2.1-universal-mingw32)
      win32-process (~> 0.7.5)
    multi_json (1.11.2)
    multipart-post (2.0.0)
    net-scp (1.2.1)
      net-ssh (>= 2.6.5)
    net-ssh (2.9.2)
    puppet (4.2.1-x64-mingw32)
      facter (> 2.0, < 4)
      ffi (~> 1.9.6)
      hiera (>= 2.0, < 4)
      json_pure
      minitar (~> 0.5.4)
      win32-dir (~> 0.4.9)
      win32-eventlog (~> 0.6.2)
      win32-process (~> 0.7.4)
      win32-security (~> 0.2.5)
      win32-service (~> 0.8.6)
    puppet_forge (1.0.5)
      her (~> 0.6.8)
    rsync (1.0.9)
    safe_yaml (1.0.4)
    test-kitchen (1.4.2)
      mixlib-shellout (>= 1.2, < 3.0)
      net-scp (~> 1.1)
      net-ssh (~> 2.7, < 2.10)
      safe_yaml (~> 1.0)
      thor (~> 0.18)
    thor (0.19.1)
    thread_safe (0.3.5)
    tzinfo (1.2.2)
      thread_safe (~> 0.1)
    win32-dir (0.4.9)
      ffi (>= 1.0.0)
    win32-eventlog (0.6.3)
      ffi
    win32-process (0.7.5)
      ffi (>= 1.0.0)
    win32-security (0.2.5)
      ffi
    win32-service (0.8.7)
      ffi

PLATFORMS
  x64-mingw32

DEPENDENCIES
  kitchen-puppet
  kitchen-vagrant
  librarian-puppet
  puppet
  test-kitchen

BUNDLED WITH
   1.10.5
